GEM
  remote: http://rubygems.org/
  specs:
    minitest (5.4.2)
    stemmer (1.0.1)

PLATFORMS
  ruby

DEPENDENCIES
  minitest
  stemmer
